ObjectType = Image
NDims = 3
BinaryData = True
BinaryDataByteOrderMSB = False
CompressedData = False
TransformMatrix = 1  0  0  0  1  0  0  0  1
CenterOfRotation = 0  0  0
AnatomicalOrientation = RAI
Offset = -216.2044     -95.78344        -557.5
ElementSpacing = 1  1  5
DimSize = 448  224   64
ElementNumberOfChannels = 1
ElementType = MET_USHORT
ElementDataFile = vol.raw
