ObjectType = Image
NDims = 3
BinaryData = True
BinaryDataByteOrderMSB = False
CompressedData = False
TransformMatrix = 1  0  0  0  1  0  0  0  1
CenterOfRotation = 0  0  0
AnatomicalOrientation = RAI
Offset = -215.6434     -111.9161     -889.8101
ElementSpacing = 1  1  5
DimSize = 448  224   64
ElementNumberOfChannels = 1
ElementType = MET_USHORT
ElementDataFile = vol.raw
