ObjectType = Image
NDims = 3
BinaryData = True
BinaryDataByteOrderMSB = False
CompressedData = False
TransformMatrix = 1  0  0  0  1  0  0  0  1
CenterOfRotation = 0  0  0
AnatomicalOrientation = RAI
Offset = -224     -69.96996     -126.5476
ElementSpacing = 1  1  5
DimSize = 448  224   64
ElementNumberOfChannels = 1
ElementType = MET_USHORT
ElementDataFile = vol.raw
