ObjectType = Image
NDims = 3
BinaryData = True
BinaryDataByteOrderMSB = False
CompressedData = False
AnatomicalOrientation = RAI
Offset = -223.9999961853 -69.969957351685 -89.047554016113
TransformMatrix = 1.0 0.0 0.0 0.0 1.0 0.0 0.0 0.0 1.0
ElementSpacing = 1.3999999761581 1.3999999761581 30.000000000000373
DimSize = 320 160 9
ElementType = MET_FLOAT
ElementDataFile = vol.raw
