ObjectType = Image
NDims = 3
BinaryData = True
BinaryDataByteOrderMSB = False
CompressedData = False
AnatomicalOrientation = RAI
Offset = -218.94074869156 -73.413904190063 -860.55981445313
TransformMatrix = 1.0 0.0 0.0 0.0 1.0 0.0 0.0 0.0 1.0
ElementSpacing = 1.3999999761581 1.3999999761581 30.0
DimSize = 320 160 9
ElementType = MET_USHORT
ElementDataFile = roi.raw
